PATH
  remote: .
  specs:
    stemcell (0.7.0.4)
      aws-creds (~> 0.2.3)
      aws-sdk (~> 1.34)
      chef (~> 11.4.0)
      colored (~> 1.2)
      json (~> 1.7.7)
      net-ssh (~> 2.8)
      trollop (~> 2.0)

GEM
  remote: https://rubygems.org/
  specs:
    aws-creds (0.2.3)
      trollop (~> 2.0)
    aws-sdk (1.36.1)
      json (~> 1.4)
      nokogiri (>= 1.4.4)
      uuidtools (~> 2.1)
    chef (11.4.4)
      erubis
      highline (>= 1.6.9)
      json (>= 1.4.4, <= 1.7.7)
      mixlib-authentication (>= 1.3.0)
      mixlib-cli (~> 1.3.0)
      mixlib-config (>= 1.1.2)
      mixlib-log (>= 1.3.0)
      mixlib-shellout
      net-ssh (~> 2.6)
      net-ssh-multi (~> 1.1.0)
      ohai (>= 0.6.0)
      rest-client (>= 1.0.4, < 1.7.0)
      yajl-ruby (~> 1.1)
    colored (1.2)
    diff-lcs (1.2.5)
    docile (1.1.3)
    erubis (2.7.0)
    highline (1.6.21)
    ipaddress (0.8.0)
    json (1.7.7)
    mime-types (2.1)
    mini_portile (0.5.2)
    mixlib-authentication (1.3.0)
      mixlib-log
    mixlib-cli (1.3.0)
    mixlib-config (2.1.0)
    mixlib-log (1.6.0)
    mixlib-shellout (1.3.0)
    multi_json (1.8.4)
    net-ssh (2.8.0)
    net-ssh-gateway (1.2.0)
      net-ssh (>= 2.6.5)
    net-ssh-multi (1.1)
      net-ssh (>= 2.1.4)
      net-ssh-gateway (>= 0.99.0)
    nokogiri (1.6.1)
      mini_portile (~> 0.5.0)
    ohai (6.20.0)
      ipaddress
      mixlib-cli
      mixlib-config
      mixlib-log
      mixlib-shellout
      systemu (~> 2.5.2)
      yajl-ruby
    rest-client (1.6.7)
      mime-types (>= 1.16)
    rspec (2.14.1)
      rspec-core (~> 2.14.0)
      rspec-expectations (~> 2.14.0)
      rspec-mocks (~> 2.14.0)
    rspec-core (2.14.7)
    rspec-expectations (2.14.5)
      diff-lcs (>= 1.1.3, < 2.0)
    rspec-instafail (0.2.4)
    rspec-mocks (2.14.6)
    simplecov (0.8.2)
      docile (~> 1.1.0)
      multi_json
      simplecov-html (~> 0.8.0)
    simplecov-html (0.8.0)
    systemu (2.5.2)
    trollop (2.0)
    uuidtools (2.1.4)
    yajl-ruby (1.2.0)

PLATFORMS
  ruby

DEPENDENCIES
  rspec (~> 2.14.1)
  rspec-instafail (~> 0.2.4)
  simplecov
  stemcell!
